GEM
  remote: http://rubygems.org/
  specs:
    Ascii85 (1.0.0)
    pdf-reader (0.9.0)
      Ascii85 (>= 0.9)
    prawn (0.11.1.pre)
      pdf-reader (>= 0.8.1)

PLATFORMS
  ruby

DEPENDENCIES
  prawn (>= 0.11.1.pre)
